GEM
  remote: http://rubygems.org/
  specs:
    faraday (0.8.8)
      multipart-post (~> 1.2.0)
    iron_core (1.0.1)
      rest (>= 2.2.0)
    iron_mq (4.0.3)
      iron_core (>= 0.5.1)
    iron_worker_ng (1.0.2)
      bundler (>= 1.2.0)
      iron_core (>= 1.0.0)
      rubyzip (= 0.9.9)
    mime-types (1.25)
    multi_json (1.8.1)
    multipart-post (1.2.0)
    net-http-persistent (2.9)
    rack (1.5.2)
    rack-protection (1.5.0)
      rack
    rest (2.6.3)
      net-http-persistent
      rest-client (>= 0.3.0)
    rest-client (1.6.7)
      mime-types (>= 1.16)
    rubyzip (0.9.9)
    simple_oauth (0.2.0)
    sinatra (1.4.3)
      rack (~> 1.4)
      rack-protection (~> 1.4)
      tilt (~> 1.3, >= 1.3.4)
    tilt (1.4.1)
    twitter (4.8.1)
      faraday (~> 0.8, < 0.10)
      multi_json (~> 1.0)
      simple_oauth (~> 0.2)
    uber_config (1.1.0)

PLATFORMS
  ruby

DEPENDENCIES
  iron_mq
  iron_worker_ng
  sinatra
  twitter
  uber_config
